GEM
  remote: http://rubygems.org/
  specs:
    codecov (0.1.14)
      json
      simplecov
      url
    docile (1.3.1)
    eventmachine (1.2.7)
    gem-release (2.0.1)
    json (2.2.0)
    metaclass (0.0.4)
    minitest (5.11.3)
    mocha (1.8.0)
      metaclass (~> 0.0.1)
    rake (12.3.2)
    simplecov (0.16.1)
      docile (~> 1.1)
      json (>= 1.8, < 3)
      simplecov-html (~> 0.10.0)
    simplecov-html (0.10.2)
    simplecov-rcov (0.2.3)
      simplecov (>= 0.4.1)
    url (0.3.2)
    zscheduler (0.0.8)
      eventmachine

PLATFORMS
  ruby

DEPENDENCIES
  codecov
  eventmachine (>= 0.3.3)
  gem-release (~> 2.0)
  jruby-openssl
  minitest
  mocha
  rake (>= 0.9.2.2)
  simplecov
  simplecov-rcov
  zscheduler (>= 0.0.5)

BUNDLED WITH
   1.17.3
